Brain Vision Data Exchange Header File Version 1.0
; Data created by the Vision Recorder

[Common Infos]
Codepage=UTF-8
DataFile=P34_S5_PVR.eeg
MarkerFile=P34_S5_PVR.vmrk
DataFormat=BINARY
; Data orientation: MULTIPLEXED=ch1,pt1, ch2,pt1 ...
DataOrientation=MULTIPLEXED
NumberOfChannels=33
; Sampling interval in microseconds
SamplingInterval=2000

[Binary Infos]
BinaryFormat=IEEE_FLOAT_32

[Channel Infos]
; Each entry: Ch<Channel number>=<Name>,<Reference channel name>,
; <Resolution in "Unit">,<Unit>, Future extensions..
; Fields are delimited by commas, some fields might be omitted (empty).
; Commas in channel names are coded as "\1".
Ch1=Fp1,,0.0406901,µV
Ch2=Fz,,0.0406901,µV
Ch3=F3,,0.0406901,µV
Ch4=F7,,0.0406901,µV
Ch5=FT9,,0.0406901,µV
Ch6=FC5,,0.0406901,µV
Ch7=FC1,,0.0406901,µV
Ch8=C3,,0.0406901,µV
Ch9=T7,,0.0406901,µV
Ch10=TP9,,0.0406901,µV
Ch11=CP5,,0.0406901,µV
Ch12=CP1,,0.0406901,µV
Ch13=Pz,,0.0406901,µV
Ch14=P3,,0.0406901,µV
Ch15=P7,,0.0406901,µV
Ch16=O1,,0.0406901,µV
Ch17=Oz,,0.0406901,µV
Ch18=O2,,0.0406901,µV
Ch19=P4,,0.0406901,µV
Ch20=P8,,0.0406901,µV
Ch21=TP10,,0.0406901,µV
Ch22=CP6,,0.0406901,µV
Ch23=CP2,,0.0406901,µV
Ch24=Cz,,0.0406901,µV
Ch25=C4,,0.0406901,µV
Ch26=T8,,0.0406901,µV
Ch27=FT10,,0.0406901,µV
Ch28=FC6,,0.0406901,µV
Ch29=FC2,,0.0406901,µV
Ch30=F4,,0.0406901,µV
Ch31=F8,,0.0406901,µV
Ch32=Fp2,,0.0406901,µV
Ch33=Aux1,,1.07288,µV

[Coordinates]
; Electrode Position File: C:\Users\User\Desktop\BVR Workspace\CLACS-32.bvef
Ch1=1,-90,-72
Ch2=1,45,90
Ch3=1,-60,-51
Ch4=1,-90,-36
Ch5=1,-113,-18
Ch6=1,-69,-22
Ch7=1,-31,-46
Ch8=1,-45,0
Ch9=1,-90,0
Ch10=1,-113,18
Ch11=1,-69,21
Ch12=1,-31,46
Ch13=1,45,-90
Ch14=1,-60,51
Ch15=1,-90,36
Ch16=1,-90,72
Ch17=1,90,-90
Ch18=1,90,-72
Ch19=1,60,-51
Ch20=1,90,-36
Ch21=1,113,-18
Ch22=1,69,-21
Ch23=1,31,-46
Ch24=1,0,0
Ch25=1,45,0
Ch26=1,90,0
Ch27=1,113,18
Ch28=1,69,21
Ch29=1,31,46
Ch30=1,60,51
Ch31=1,90,36
Ch32=1,90,72
Ch33=0,0,0

[Comment]

BrainVision Recorder Professional   -   V. 1.21.0403


A m p l i f i e r  S e t u p
============================
Number of channels: 33
Sampling Rate [Hz]: 500
Sampling Interval [µS]: 2000

Channels
--------
#     Name      Phys. Chn.    Resolution / Unit   Low Cutoff [s]   High Cutoff [Hz]   Notch [Hz]    Gradient         Offset
1     Fp1         1          0.0406901 µV             DC              131              Off
2     Fz          2          0.0406901 µV             DC              131              Off
3     F3          3          0.0406901 µV             DC              131              Off
4     F7          4          0.0406901 µV             DC              131              Off
5     FT9         5          0.0406901 µV             DC              131              Off
6     FC5         6          0.0406901 µV             DC              131              Off
7     FC1         7          0.0406901 µV             DC              131              Off
8     C3          8          0.0406901 µV             DC              131              Off
9     T7          9          0.0406901 µV             DC              131              Off
10    TP9         10         0.0406901 µV             DC              131              Off
11    CP5         11         0.0406901 µV             DC              131              Off
12    CP1         12         0.0406901 µV             DC              131              Off
13    Pz          13         0.0406901 µV             DC              131              Off
14    P3          14         0.0406901 µV             DC              131              Off
15    P7          15         0.0406901 µV             DC              131              Off
16    O1          16         0.0406901 µV             DC              131              Off
17    Oz          17         0.0406901 µV             DC              131              Off
18    O2          18         0.0406901 µV             DC              131              Off
19    P4          19         0.0406901 µV             DC              131              Off
20    P8          20         0.0406901 µV             DC              131              Off
21    TP10        21         0.0406901 µV             DC              131              Off
22    CP6         22         0.0406901 µV             DC              131              Off
23    CP2         23         0.0406901 µV             DC              131              Off
24    Cz          24         0.0406901 µV             DC              131              Off
25    C4          25         0.0406901 µV             DC              131              Off
26    T8          26         0.0406901 µV             DC              131              Off
27    FT10        27         0.0406901 µV             DC              131              Off
28    FC6         28         0.0406901 µV             DC              131              Off
29    FC2         29         0.0406901 µV             DC              131              Off
30    F4          30         0.0406901 µV             DC              131              Off
31    F8          31         0.0406901 µV             DC              131              Off
32    Fp2         32         0.0406901 µV             DC              131              Off
33    Aux1        33           1.07288 µV             DC              131              Off


LiveAmp SN:                		LA-054207-0152
LiveAmp hardware revision: 		4
Firmware version:          		4.60

Sensor and trigger extension SN:                STE-054901-0050
Sensor and trigger extension hardware revision: 1
Sensor and trigger extension firmware version:  1.14

Library version:           		9.18.6.27

Use Active/Dry Electrodes: Yes

S o f t w a r e  F i l t e r s
==============================
Disabled


Data/Gnd/Ref Electrodes Selected Impedance Measurement Range: 5 - 60 kOhm
Impedance [kOhm] at 11:27:26 :
Fp1:          0
Fz:           2
F3:           2
F7:           2
FT9:          3
FC5:          4
FC1:          1
C3:           5
T7:           2
TP9:          2
CP5:          3
CP1:          2
Pz:           3
P3:           2
P7:           3
O1:           3
Oz:           2
O2:           4
P4:           3
P8:           5
TP10:         4
CP6:          3
CP2:          1
Cz:           3
C4:           3
T8:           3
FT10:         3
FC6:          0
FC2:          2
F4:           0
F8:           2
Fp2:          1
Gnd:          2
Ref:          1
